GIT
  remote: https://github.com/work-design/rails_auth.git
  revision: f5d4099eb7cee311e5c68178b061e55c581675cd
  specs:
    rails_auth (1.2.0)
      bcrypt (~> 3.1)
      rails_com (~> 1.2)
      rotp

GIT
  remote: https://github.com/work-design/rails_com.git
  revision: 33edbfccc291567ce560923fe52b1aee108a5249
  specs:
    rails_com (1.3.0)
      acme-client
      closure_tree (>= 7.3)
      default_where (~> 2.2)
      http-form_data (~> 2.3)
      httpx
      kaminari
      money-rails (~> 1.15)
      mutex_m
      net-http
      net-pop
      ostruct
      positioning
      rails (~> 7.0)
      solid_queue
      turbo-rails

GIT
  remote: https://github.com/work-design/rails_design.git
  revision: f6fef7b4a0a514b1f212e528622f336cc1779758
  specs:
    rails_design (0.0.1)
      rails

PATH
  remote: .
  specs:
    rails_email (0.0.2)
      rails_auth
      rails_com (~> 1.2)

GEM
  remote: https://rubygems.org/
  specs:
    acme-client (2.0.18)
      faraday (>= 1.0, < 3.0.0)
      faraday-retry (>= 1.0, < 3.0.0)
    actioncable (7.2.1)
      actionpack (= 7.2.1)
      activesupport (= 7.2.1)
      nio4r (~> 2.0)
      websocket-driver (>= 0.6.1)
      zeitwerk (~> 2.6)
    actionmailbox (7.2.1)
      actionpack (= 7.2.1)
      activejob (= 7.2.1)
      activerecord (= 7.2.1)
      activestorage (= 7.2.1)
      activesupport (= 7.2.1)
      mail (>= 2.8.0)
    actionmailer (7.2.1)
      actionpack (= 7.2.1)
      actionview (= 7.2.1)
      activejob (= 7.2.1)
      activesupport (= 7.2.1)
      mail (>= 2.8.0)
      rails-dom-testing (~> 2.2)
    actionpack (7.2.1)
      actionview (= 7.2.1)
      activesupport (= 7.2.1)
      nokogiri (>= 1.8.5)
      racc
      rack (>= 2.2.4, < 3.2)
      rack-session (>= 1.0.1)
      rack-test (>= 0.6.3)
      rails-dom-testing (~> 2.2)
      rails-html-sanitizer (~> 1.6)
      useragent (~> 0.16)
    actiontext (7.2.1)
      actionpack (= 7.2.1)
      activerecord (= 7.2.1)
      activestorage (= 7.2.1)
      activesupport (= 7.2.1)
      globalid (>= 0.6.0)
      nokogiri (>= 1.8.5)
    actionview (7.2.1)
      activesupport (= 7.2.1)
      builder (~> 3.1)
      erubi (~> 1.11)
      rails-dom-testing (~> 2.2)
      rails-html-sanitizer (~> 1.6)
    activejob (7.2.1)
      activesupport (= 7.2.1)
      globalid (>= 0.3.6)
    activemodel (7.2.1)
      activesupport (= 7.2.1)
    activerecord (7.2.1)
      activemodel (= 7.2.1)
      activesupport (= 7.2.1)
      timeout (>= 0.4.0)
    activestorage (7.2.1)
      actionpack (= 7.2.1)
      activejob (= 7.2.1)
      activerecord (= 7.2.1)
      activesupport (= 7.2.1)
      marcel (~> 1.0)
    activesupport (7.2.1)
      base64
      bigdecimal
      concurrent-ruby (~> 1.0, >= 1.3.1)
      connection_pool (>= 2.2.5)
      drb
      i18n (>= 1.6, < 2)
      logger (>= 1.4.2)
      minitest (>= 5.1)
      securerandom (>= 0.3)
      tzinfo (~> 2.0, >= 2.0.5)
    amazing_print (1.6.0)
    base64 (0.2.0)
    bcrypt (3.1.20)
    bigdecimal (3.1.8)
    builder (3.3.0)
    closure_tree (7.4.0)
      activerecord (>= 4.2.10)
      with_advisory_lock (>= 4.0.0)
    concurrent-ruby (1.3.4)
    connection_pool (2.4.1)
    crass (1.0.6)
    date (3.3.4)
    default_where (2.2.0)
      activerecord (>= 4.0.0)
    drb (2.2.1)
    erubi (1.13.0)
    et-orbi (1.2.11)
      tzinfo
    faraday (2.11.0)
      faraday-net_http (>= 2.0, < 3.4)
      logger
    faraday-net_http (3.3.0)
      net-http
    faraday-retry (2.2.1)
      faraday (~> 2.0)
    fugit (1.11.1)
      et-orbi (~> 1, >= 1.2.11)
      raabro (~> 1.4)
    globalid (1.2.1)
      activesupport (>= 6.1)
    http-2 (1.0.1)
    http-form_data (2.3.0)
    httpx (1.3.1)
      http-2 (>= 1.0.0)
    i18n (1.14.5)
      concurrent-ruby (~> 1.0)
    io-console (0.7.2)
    irb (1.14.0)
      rdoc (>= 4.0.0)
      reline (>= 0.4.2)
    kaminari (1.2.2)
      activesupport (>= 4.1.0)
      kaminari-actionview (= 1.2.2)
      kaminari-activerecord (= 1.2.2)
      kaminari-core (= 1.2.2)
    kaminari-actionview (1.2.2)
      actionview
      kaminari-core (= 1.2.2)
    kaminari-activerecord (1.2.2)
      activerecord
      kaminari-core (= 1.2.2)
    kaminari-core (1.2.2)
    logger (1.6.0)
    loofah (2.22.0)
      crass (~> 1.0.2)
      nokogiri (>= 1.12.0)
    mail (2.8.1)
      mini_mime (>= 0.1.1)
      net-imap
      net-pop
      net-smtp
    marcel (1.0.4)
    mini_mime (1.1.5)
    mini_portile2 (2.8.7)
    minitest (5.25.1)
    monetize (1.13.0)
      money (~> 6.12)
    money (6.19.0)
      i18n (>= 0.6.4, <= 2)
    money-rails (1.15.0)
      activesupport (>= 3.0)
      monetize (~> 1.9)
      money (~> 6.13)
      railties (>= 3.0)
    mutex_m (0.2.0)
    net-http (0.4.1)
      uri
    net-imap (0.4.14)
      date
      net-protocol
    net-pop (0.1.2)
      net-protocol
    net-protocol (0.2.2)
      timeout
    net-smtp (0.5.0)
      net-protocol
    nio4r (2.7.3)
    nokogiri (1.16.7)
      mini_portile2 (~> 2.8.2)
      racc (~> 1.4)
    ostruct (0.6.0)
    pg (1.5.7)
    positioning (0.2.6)
      activerecord (>= 6.1)
      activesupport (>= 6.1)
    propshaft (0.9.1)
      actionpack (>= 7.0.0)
      activesupport (>= 7.0.0)
      rack
      railties (>= 7.0.0)
    psych (5.1.2)
      stringio
    puma (6.4.2)
      nio4r (~> 2.0)
    raabro (1.4.0)
    racc (1.8.1)
    rack (3.1.7)
    rack-session (2.0.0)
      rack (>= 3.0.0)
    rack-test (2.1.0)
      rack (>= 1.3)
    rackup (2.1.0)
      rack (>= 3)
      webrick (~> 1.8)
    rails (7.2.1)
      actioncable (= 7.2.1)
      actionmailbox (= 7.2.1)
      actionmailer (= 7.2.1)
      actionpack (= 7.2.1)
      actiontext (= 7.2.1)
      actionview (= 7.2.1)
      activejob (= 7.2.1)
      activemodel (= 7.2.1)
      activerecord (= 7.2.1)
      activestorage (= 7.2.1)
      activesupport (= 7.2.1)
      bundler (>= 1.15.0)
      railties (= 7.2.1)
    rails-dom-testing (2.2.0)
      activesupport (>= 5.0.0)
      minitest
      nokogiri (>= 1.6)
    rails-html-sanitizer (1.6.0)
      loofah (~> 2.21)
      nokogiri (~> 1.14)
    railties (7.2.1)
      actionpack (= 7.2.1)
      activesupport (= 7.2.1)
      irb (~> 1.13)
      rackup (>= 1.0.0)
      rake (>= 12.2)
      thor (~> 1.0, >= 1.2.2)
      zeitwerk (~> 2.6)
    rake (13.2.1)
    rdoc (6.7.0)
      psych (>= 4.0.0)
    reline (0.5.9)
      io-console (~> 0.5)
    rotp (6.3.0)
    sdoc (2.6.1)
      rdoc (>= 5.0)
    securerandom (0.3.1)
    solid_queue (0.6.1)
      activejob (>= 7.1)
      activerecord (>= 7.1)
      concurrent-ruby (>= 1.3.1)
      fugit (~> 1.11.0)
      railties (>= 7.1)
    stringio (3.1.1)
    thor (1.3.1)
    timeout (0.4.1)
    turbo-rails (2.0.6)
      actionpack (>= 6.0.0)
      activejob (>= 6.0.0)
      railties (>= 6.0.0)
    tzinfo (2.0.6)
      concurrent-ruby (~> 1.0)
    uri (0.13.1)
    useragent (0.16.10)
    webrick (1.8.1)
    websocket-driver (0.7.6)
      websocket-extensions (>= 0.1.0)
    websocket-extensions (0.1.5)
    with_advisory_lock (5.1.0)
      activerecord (>= 6.1)
      zeitwerk (>= 2.6)
    zeitwerk (2.6.17)

PLATFORMS
  ruby

DEPENDENCIES
  amazing_print
  pg
  propshaft
  puma
  rails
  rails_auth!
  rails_com!
  rails_design!
  rails_email!
  sdoc

CHECKSUMS
  acme-client (2.0.18) sha256=3feab341926ffc16eb65babe51ba4dad8180c13e21e774871344e0b3502ef275
  actioncable (7.2.1) sha256=b409c96b0acc90abe6aa8fd9656eaff0980c1b36c9e22b8f7c490a46eafc2204
  actionmailbox (7.2.1) sha256=09c20d0bcb769a6521d22cb8987e2d1d8335b58610957a6c615c85e6743adf89
  actionmailer (7.2.1) sha256=e4853a32c84105066e64d900ee1025ef075893ee3c51de3a3bc59a6e09586e56
  actionpack (7.2.1) sha256=260b80acc720123f23eb2b106b04d2de7d8cf0492d4eeb2dfa7afc8be36dcaad
  actiontext (7.2.1) sha256=1257a2384373188039fc35d46946e757014710361a4af4481e37b510ac7d7d79
  actionview (7.2.1) sha256=d1f8f4df2bff842a03e2a6e86275e4d73e70c654159617ad4abbe7c6b2aed4f4
  activejob (7.2.1) sha256=eb145f5aaf8276f37b9e4e9f72f3d56b1733172b4be680e836c765f2e6a3c503
  activemodel (7.2.1) sha256=7b24e3927122b99c4623f07607a1d0f1cfd598f9dc5077e70178536dd6663348
  activerecord (7.2.1) sha256=b58a26b9337594f2639cafcc443f4d28d786289f5b5b07b810e8251eeace533c
  activestorage (7.2.1) sha256=e5d6746aa9e5d92fff9d214fad782b6a7189bc080d319c0b196e3dfa1595a676
  activesupport (7.2.1) sha256=7557fa077a592a4f36f7ddacf4d9d71c34aff69ed20236b8a61c22d567da8c24
  amazing_print (1.6.0) sha256=9903e93daadc15411c854239f8ca1ca6ce78be279ed99d43fec2bd3b0aa37397
  base64 (0.2.0) sha256=0f25e9b21a02a0cc0cea8ef92b2041035d39350946e8789c562b2d1a3da01507
  bcrypt (3.1.20) sha256=8410f8c7b3ed54a3c00cd2456bf13917d695117f033218e2483b2e40b0784099
  bigdecimal (3.1.8) sha256=a89467ed5a44f8ae01824af49cbc575871fa078332e8f77ea425725c1ffe27be
  builder (3.3.0) sha256=497918d2f9dca528fdca4b88d84e4ef4387256d984b8154e9d5d3fe5a9c8835f
  closure_tree (7.4.0) sha256=e39171bbe35de3c06898c3caf2d2949bba2d379aa78fc1a03c1c63f165c1d2b5
  concurrent-ruby (1.3.4) sha256=d4aa926339b0a86b5b5054a0a8c580163e6f5dcbdfd0f4bb916b1a2570731c32
  connection_pool (2.4.1) sha256=0f40cf997091f1f04ff66da67eabd61a9fe0d4928b9a3645228532512fab62f4
  crass (1.0.6) sha256=dc516022a56e7b3b156099abc81b6d2b08ea1ed12676ac7a5657617f012bd45d
  date (3.3.4) sha256=971f2cb66b945bcbea4ddd9c7908c9400b31a71bc316833cb42fa584b59d3291
  default_where (2.2.0) sha256=77f54769256ad5d961c44a6dd88d8d485a1c4487a549d2c178da9101f6fed0a0
  drb (2.2.1) sha256=e9d472bf785f558b96b25358bae115646da0dbfd45107ad858b0bc0d935cb340
  erubi (1.13.0) sha256=fca61b47daefd865d0fb50d168634f27ad40181867445badf6427c459c33cd62
  et-orbi (1.2.11) sha256=d26e868cc21db88280a9ec1a50aa3da5d267eb9b2037ba7b831d6c2731f5df64
  faraday (2.11.0)
  faraday-net_http (3.3.0)
  faraday-retry (2.2.1) sha256=4146fed14549c0580bf14591fca419a40717de0dd24f267a8ec2d9a728677608
  fugit (1.11.1) sha256=e89485e7be22226d8e9c6da411664d0660284b4b1c08cacb540f505907869868
  globalid (1.2.1) sha256=70bf76711871f843dbba72beb8613229a49429d1866828476f9c9d6ccc327ce9
  http-2 (1.0.1) sha256=635ff7a115e3e16be82c90a56f5ebf6efb47a1d772fe8aefe5ddfb14a123857e
  http-form_data (2.3.0) sha256=cc4eeb1361d9876821e31d7b1cf0b68f1cf874b201d27903480479d86448a5f3
  httpx (1.3.1) sha256=91a17364e52c9b02f761f3f9fd451a6e53224e9b3a53c178ac8e8414e5adafe6
  i18n (1.14.5) sha256=26dcbc05e364b57e27ab430148b3377bc413987d34cc042336271d8f42e9d1b9
  io-console (0.7.2) sha256=f0dccff252f877a4f60d04a4dc6b442b185ebffb4b320ab69212a92b48a7a221
  irb (1.14.0) sha256=53d805013bbd194874b8c13a56aca6aebcd11dd79166d88724f8a434fedde615
  kaminari (1.2.2) sha256=c4076ff9adccc6109408333f87b5c4abbda5e39dc464bd4c66d06d9f73442a3e
  kaminari-actionview (1.2.2) sha256=1330f6fc8b59a4a4ef6a549ff8a224797289ebf7a3a503e8c1652535287cc909
  kaminari-activerecord (1.2.2) sha256=0dd3a67bab356a356f36b3b7236bcb81cef313095365befe8e98057dd2472430
  kaminari-core (1.2.2) sha256=3bd26fec7370645af40ca73b9426a448d09b8a8ba7afa9ba3c3e0d39cdbb83ff
  logger (1.6.0) sha256=0ab7c120262dd8de2a18cb8d377f1f318cbe98535160a508af9e7710ff43ef3e
  loofah (2.22.0) sha256=10d76e070c86b12fec74b6a9515fd1940f4459198b991342d0a7897d86c372fe
  mail (2.8.1) sha256=ec3b9fadcf2b3755c78785cb17bc9a0ca9ee9857108a64b6f5cfc9c0b5bfc9ad
  marcel (1.0.4) sha256=0d5649feb64b8f19f3d3468b96c680bae9746335d02194270287868a661516a4
  mini_mime (1.1.5) sha256=8681b7e2e4215f2a159f9400b5816d85e9d8c6c6b491e96a12797e798f8bccef
  mini_portile2 (2.8.7) sha256=13eef5ab459bbfd33d61e539564ec25a9c2cf593b0a5ea6d4d7ef8c19b162ee0
  minitest (5.25.1) sha256=3db6795a80634def1cf86fda79d2d83b59b25ce5e186fa675f73c565589d2ad8
  monetize (1.13.0) sha256=0c1f8ae28aa21bbf1a6d014138d9bb0a5ce756c1a99b8b7f7d409c258b01d3b3
  money (6.19.0) sha256=ec936fa1e42f2783719241ed9fd52725d0efa628f928feea1eb5c37d5de7daf3
  money-rails (1.15.0) sha256=cace7c3af76a0685747f57b96fdb321a4d966294e0a11b51f8e28c3ac08e4903
  mutex_m (0.2.0) sha256=b6ef0c6c842ede846f2ec0ade9e266b1a9dac0bc151682b04835e8ebd54840d5
  net-http (0.4.1) sha256=a96efc5ea18bcb9715e24dda4159d10f67ff0345c8a980d04630028055b2c282
  net-imap (0.4.14) sha256=a2184b3f09a4f7ca27998d113fd6df8cd0dd56b91e5bf0d6387b8350bb438065
  net-pop (0.1.2) sha256=848b4e982013c15b2f0382792268763b748cce91c9e91e36b0f27ed26420dff3
  net-protocol (0.2.2) sha256=aa73e0cba6a125369de9837b8d8ef82a61849360eba0521900e2c3713aa162a8
  net-smtp (0.5.0) sha256=5fc0415e6ea1cc0b3dfea7270438ec22b278ca8d524986a3ae4e5ae8d087b42a
  nio4r (2.7.3) sha256=54b94cdd4b8f9dc39aaad5f699e97afae13efb44f2b180a6e724df76105ff604
  nokogiri (1.16.7) sha256=f819cbfdfb0a7b19c9c52c6f2ca63df0e58a6125f4f139707b586b9511d7fe95
  ostruct (0.6.0) sha256=3b1736c99f4d985de36bde1155be5e22aaf6e564b30ff9bd481e2ef7c2d9ba85
  pg (1.5.7) sha256=07a7d86e5aac8b964a0288076a7a7c699c27b25c9b40b001726f6eb03ed13427
  positioning (0.2.6) sha256=db8d4229d326c4ae4ac35bd4ce2d1c687142d9a55da3ad8fcf8ab2d2c98f339b
  propshaft (0.9.1) sha256=995fe8e7346a87d8e22708da41a3a9dddc2181b28364348303b642962267ea17
  psych (5.1.2) sha256=337322f58fc2bf24827d2b9bd5ab595f6a72971867d151bb39980060ea40a368
  puma (6.4.2) sha256=3eb41999d00733280be3faeb00d610331b6965a537a8cd3d905f316c38575b44
  raabro (1.4.0) sha256=d4fa9ff5172391edb92b242eed8be802d1934b1464061ae5e70d80962c5da882
  racc (1.8.1) sha256=4a7f6929691dbec8b5209a0b373bc2614882b55fc5d2e447a21aaa691303d62f
  rack (3.1.7) sha256=0e9982db4ea9013326788ca2a7f48e32a4e746765e7c3512d424ef0dd22ae58b
  rack-session (2.0.0) sha256=db04b2063e180369192a9046b4559af311990af38c6a93d4c600cee4eb6d4e81
  rack-test (2.1.0) sha256=0c61fc61904049d691922ea4bb99e28004ed3f43aa5cfd495024cc345f125dfb
  rackup (2.1.0) sha256=6ecb884a581990332e45ee17bdfdc14ccbee46c2f710ae1566019907869a6c4d
  rails (7.2.1) sha256=fd5684e5d007220960666a3a8b31a57cd1c8cd7f60d88cb40e28e95f1911b705
  rails-dom-testing (2.2.0) sha256=e515712e48df1f687a1d7c380fd7b07b8558faa26464474da64183a7426fa93b
  rails-html-sanitizer (1.6.0) sha256=86e9f19d2e6748890dcc2633c8945ca45baa08a1df9d8c215ce17b3b0afaa4de
  rails_auth (1.2.0)
  rails_com (1.3.0)
  rails_design (0.0.1)
  rails_email (0.0.2)
  railties (7.2.1) sha256=4b6ad279bbfb9228d7e7fbc8df562a8f5d4910e179b957d801fcec176d548463
  rake (13.2.1) sha256=46cb38dae65d7d74b6020a4ac9d48afed8eb8149c040eccf0523bec91907059d
  rdoc (6.7.0) sha256=b17d5f0f57b0853d7b880d4360a32c7caf8dbb81f8503a36426df809e617f379
  reline (0.5.9) sha256=5d2dd7ed0fd078e79a05e4eaa47dc91b8dacec7358e9e1dd6d9c4636cff7d378
  rotp (6.3.0) sha256=75d40087e65ed0d8022c33055a6306c1c400d1c12261932533b5d6cbcd868854
  sdoc (2.6.1) sha256=d78305be6fe9f81cb93787c24f8c2d47e418c2f1de2e7ff75c032d465fe3c5f8
  securerandom (0.3.1) sha256=98f0450c0ea46d2f9a4b6db4f391dbd83dc08049592eada155739f40e0341bde
  solid_queue (0.6.1)
  stringio (3.1.1) sha256=53456e14175c594e0e8eb2206a1be33f3974d4fe21c131e628908b05c8c2ae1e
  thor (1.3.1) sha256=fa7e3471d4f6a27138e3d9c9b0d4daac9c3d7383927667ae83e9ab42ae7401ef
  timeout (0.4.1) sha256=6f1f4edd4bca28cffa59501733a94215407c6960bd2107331f0280d4abdebb9a
  turbo-rails (2.0.6) sha256=e5fd7b2fd11d24f202c5d33597d291767491b9938563d4edbd4a174166eba35b
  tzinfo (2.0.6) sha256=8daf828cc77bcf7d63b0e3bdb6caa47e2272dcfaf4fbfe46f8c3a9df087a829b
  uri (0.13.1)
  useragent (0.16.10) sha256=1794380d9ea5c087d687bbfe14752f81839293f238c1132ef05c9344f09e65bb
  webrick (1.8.1) sha256=19411ec6912911fd3df13559110127ea2badd0c035f7762873f58afc803e158f
  websocket-driver (0.7.6) sha256=f69400be7bc197879726ad8e6f5869a61823147372fd8928836a53c2c741d0db
  websocket-extensions (0.1.5) sha256=1c6ba63092cda343eb53fc657110c71c754c56484aad42578495227d717a8241
  with_advisory_lock (5.1.0) sha256=0692cd82013b271c59aa5e1f603b741ab94926dbce098990fbace5dd5412fed7
  zeitwerk (2.6.17) sha256=0895160c92ea5ffc88c38556fbbca798b61164daca97461ab5f47b8a07fb2aac

BUNDLED WITH
   2.5.3
